GIT
  remote: git://github.com/sandipransing/data-anonymization.git
  revision: 1743ace2e27697020571c4d80e36286ba73dcdb8
  branch: rails4
  specs:
    data-anonymization (0.7.4)
      activerecord (~> 4.2)
      activesupport (~> 4.2)
      composite_primary_keys (~> 8.0)
      parallel (~> 1.0)
      powerbar (~> 1.0)
      protected_attributes (~> 1.0)
      rgeo (~> 0.3)
      rgeo-geojson (~> 0.3)
      thor (~> 0.19)

GEM
  remote: https://rubygems.org/
  specs:
    activemodel (4.2.10)
      activesupport (= 4.2.10)
      builder (~> 3.1)
    activerecord (4.2.10)
      activemodel (= 4.2.10)
      activesupport (= 4.2.10)
      arel (~> 6.0)
    activesupport (4.2.10)
      i18n (~> 0.7)
      minitest (~> 5.1)
      thread_safe (~> 0.3, >= 0.3.4)
      tzinfo (~> 1.1)
    arel (6.0.4)
    bson (3.2.7)
    builder (3.2.3)
    composite_primary_keys (8.1.6)
      activerecord (~> 4.2.0)
    concurrent-ruby (1.0.5)
    hashie (3.5.7)
    i18n (0.9.5)
      concurrent-ruby (~> 1.0)
    minitest (5.11.3)
    mongo (2.1.2)
      bson (~> 3.0)
    parallel (1.12.1)
    powerbar (1.0.18)
      hashie (>= 1.1.0)
    protected_attributes (1.1.4)
      activemodel (>= 4.0.1, < 5.0)
    rgeo (0.6.0)
    rgeo-geojson (0.4.3)
      rgeo (~> 0.5)
    thor (0.20.0)
    thread_safe (0.3.6)
    tzinfo (1.2.5)
      thread_safe (~> 0.1)

PLATFORMS
  ruby

DEPENDENCIES
  data-anonymization!
  mongo

RUBY VERSION
   ruby 2.3.1p112

BUNDLED WITH
   1.16.1
